GIT
  remote: https://github.com/mikaelengstrom/capistrano-wpcli.git
  revision: 87bdffafd7a44cf710ce2e7f061c0f0861f00287
  branch: vagrant-fix
  specs:
    capistrano-wpcli (0.0.9)
      capistrano (>= 3.0)

GEM
  remote: https://rubygems.org/
  specs:
    capistrano (3.2.1)
      i18n
      rake (>= 10.0.0)
      sshkit (~> 1.3)
    capistrano-composer (0.0.4)
      capistrano (>= 3.0.0.pre)
    capistrano-grunt (0.0.4)
      capistrano (>= 3.0.0.pre)
    capistrano-npm (1.0.1)
      capistrano (>= 3.0.0)
    colorize (0.7.3)
    i18n (0.6.9)
    net-scp (1.2.1)
      net-ssh (>= 2.6.5)
    net-ssh (2.9.1)
    rake (10.3.2)
    sshkit (1.5.1)
      colorize
      net-scp (>= 1.1.2)
      net-ssh (>= 2.8.0)

PLATFORMS
  ruby

DEPENDENCIES
  capistrano (~> 3.2.0)
  capistrano-composer
  capistrano-grunt
  capistrano-npm
  capistrano-wpcli!
